GIT
  remote: https://github.com/ruport/ruport.git
  revision: ae8b701f43c3e196590160e1bc40ca4c26380711
  branch: master
  specs:
    ruport (1.7.0)
      fastercsv
      pdf-writer (= 1.1.8)

GEM
  remote: http://rubygems.org/
  specs:
    ZenTest (4.5.0)
    abstract (1.0.0)
    actionmailer (3.0.9)
      actionpack (= 3.0.9)
      mail (~> 2.2.19)
    actionpack (3.0.9)
      activemodel (= 3.0.9)
      activesupport (= 3.0.9)
      builder (~> 2.1.2)
      erubis (~> 2.6.6)
      i18n (~> 0.5.0)
      rack (~> 1.2.1)
      rack-mount (~> 0.6.14)
      rack-test (~> 0.5.7)
      tzinfo (~> 0.3.23)
    activemodel (3.0.9)
      activesupport (= 3.0.9)
      builder (~> 2.1.2)
      i18n (~> 0.5.0)
    activerecord (3.0.9)
      activemodel (= 3.0.9)
      activesupport (= 3.0.9)
      arel (~> 2.0.10)
      tzinfo (~> 0.3.23)
    activeresource (3.0.9)
      activemodel (= 3.0.9)
      activesupport (= 3.0.9)
    activesupport (3.0.9)
    acts_as_reportable (1.1.1)
      ruport (>= 1.6.0)
    arel (2.0.10)
    autotest-rails (4.1.0)
      ZenTest
    builder (2.1.2)
    color (1.4.1)
    cucumber (0.7.3)
      builder (>= 2.1.2)
      diff-lcs (>= 1.1.2)
      gherkin (>= 1.0.27)
      json_pure (>= 1.2.4)
      term-ansicolor (>= 1.0.4)
    cucumber-rails (0.3.1)
      cucumber (>= 0.7.2)
    diff-lcs (1.1.2)
    erubis (2.6.6)
      abstract (>= 1.0.0)
    factory_girl (1.3.3)
    factory_girl_rails (1.0.1)
      factory_girl (~> 1.3)
      railties (>= 3.0.0)
    fastercsv (1.5.4)
    gherkin (1.0.27)
      trollop (>= 1.16.2)
    hirb (0.4.5)
    hoe (2.9.4)
      rake (>= 0.8.7)
    i18n (0.5.0)
    json_pure (1.5.1)
    kaminari (0.10.4)
      rails (>= 3.0.0)
    levenshtein (0.2.0)
    mail (2.2.19)
      activesupport (>= 2.3.6)
      i18n (>= 0.4.0)
      mime-types (~> 1.16)
      treetop (~> 1.4.8)
    meta_search (1.0.5)
      actionpack (~> 3.0.2)
      activerecord (~> 3.0.2)
      activesupport (~> 3.0.2)
      arel (~> 2.0.2)
    meta_where (1.0.4)
      activerecord (~> 3.0.0)
      activesupport (~> 3.0.0)
      arel (~> 2.0.7)
    mime-types (1.16)
    mysql2 (0.2.11)
    nokogiri (1.4.4)
    pdf-writer (1.1.8)
      color (>= 1.4.0)
      transaction-simple (~> 1.3)
    pickle (0.3.4)
    polyglot (0.3.1)
    rack (1.2.3)
    rack-mount (0.6.14)
      rack (>= 1.0.0)
    rack-test (0.5.7)
      rack (>= 1.0)
    rails (3.0.9)
      actionmailer (= 3.0.9)
      actionpack (= 3.0.9)
      activerecord (= 3.0.9)
      activeresource (= 3.0.9)
      activesupport (= 3.0.9)
      bundler (~> 1.0)
      railties (= 3.0.9)
    rails3-generators (0.17.4)
      railties (>= 3.0.0)
    railties (3.0.9)
      actionpack (= 3.0.9)
      activesupport (= 3.0.9)
      rake (>= 0.8.7)
      rdoc (~> 3.4)
      thor (~> 0.14.4)
    rake (0.9.2)
    rdoc (3.6.1)
    rspec (2.5.0)
      rspec-core (~> 2.5.0)
      rspec-expectations (~> 2.5.0)
      rspec-mocks (~> 2.5.0)
    rspec-core (2.5.1)
    rspec-expectations (2.5.0)
      diff-lcs (~> 1.1.2)
    rspec-mocks (2.5.0)
    rspec-rails (2.5.0)
      actionpack (~> 3.0)
      activesupport (~> 3.0)
      railties (~> 3.0)
      rspec (~> 2.5.0)
    shoulda (2.11.3)
    simple_form (1.4.1)
    term-ansicolor (1.0.5)
    thor (0.14.6)
    transaction-simple (1.4.0)
      hoe (>= 1.1.7)
    treetop (1.4.9)
      polyglot (>= 0.3.1)
    trollop (1.16.2)
    tzinfo (0.3.28)
    webrat (0.7.3)
      nokogiri (>= 1.2.0)
      rack (>= 1.0)
      rack-test (>= 0.5.3)
    wherex (1.0.0)
      activerecord (~> 3.0)
      arel (~> 2.0)

PLATFORMS
  ruby

DEPENDENCIES
  acts_as_reportable (~> 1.1.1)
  autotest-rails
  cucumber-rails
  factory_girl_rails (~> 1.0.1)
  hirb
  kaminari (~> 0.10.4)
  levenshtein
  meta_search (~> 1.0.5)
  meta_where (~> 1.0.4)
  mysql2 (~> 0.2.6)
  pickle
  rails (~> 3.0.4)
  rails3-generators
  rspec-rails (~> 2.4)
  ruport!
  shoulda
  simple_form (~> 1.4.1)
  webrat
  wherex (~> 1.0.0)
